PATH
  remote: .
  specs:
    bn-ldap-authentication (0.1.4)
      net-ldap (~> 0)

GEM
  remote: https://rubygems.org/
  specs:
    diff-lcs (1.5.0)
    net-ldap (0.18.0)
    rake (10.5.0)
    rspec (3.12.0)
      rspec-core (~> 3.12.0)
      rspec-expectations (~> 3.12.0)
      rspec-mocks (~> 3.12.0)
    rspec-core (3.12.2)
      rspec-support (~> 3.12.0)
    rspec-expectations (3.12.3)
      diff-lcs (>= 1.2.0, < 2.0)
      rspec-support (~> 3.12.0)
    rspec-mocks (3.12.6)
      diff-lcs (>= 1.2.0, < 2.0)
      rspec-support (~> 3.12.0)
    rspec-support (3.12.1)

PLATFORMS
  ruby

DEPENDENCIES
  bn-ldap-authentication!
  bundler (~> 1.11)
  rake (~> 10.0)
  rspec (~> 3.0)

BUNDLED WITH
   1.17.2
